GEM
  remote: https://rubygems.org/
  specs:
    Ascii85 (1.0.3)
    actioncable (5.2.3)
      actionpack (= 5.2.3)
      nio4r (~> 2.0)
      websocket-driver (>= 0.6.1)
    actionmailer (5.2.3)
      actionpack (= 5.2.3)
      actionview (= 5.2.3)
      activejob (= 5.2.3)
      mail (~> 2.5, >= 2.5.4)
      rails-dom-testing (~> 2.0)
    actionpack (5.2.3)
      actionview (= 5.2.3)
      activesupport (= 5.2.3)
      rack (~> 2.0)
      rack-test (>= 0.6.3)
      rails-dom-testing (~> 2.0)
      rails-html-sanitizer (~> 1.0, >= 1.0.2)
    actionview (5.2.3)
      activesupport (= 5.2.3)
      builder (~> 3.1)
      erubi (~> 1.4)
      rails-dom-testing (~> 2.0)
      rails-html-sanitizer (~> 1.0, >= 1.0.3)
    activejob (5.2.3)
      activesupport (= 5.2.3)
      globalid (>= 0.3.6)
    activemodel (5.2.3)
      activesupport (= 5.2.3)
    activerecord (5.2.3)
      activemodel (= 5.2.3)
      activesupport (= 5.2.3)
      arel (>= 9.0)
    activestorage (5.2.3)
      actionpack (= 5.2.3)
      activerecord (= 5.2.3)
      marcel (~> 0.3.1)
    activesupport (5.2.3)
      concurrent-ruby (~> 1.0, >= 1.0.2)
      i18n (>= 0.7, < 2)
      minitest (~> 5.1)
      tzinfo (~> 1.1)
    addressable (2.6.0)
      public_suffix (>= 2.0.2, < 4.0)
    afm (0.2.2)
    arel (9.0.0)
    ast (2.4.0)
    aws-eventstream (1.0.3)
    aws-partitions (1.184.0)
    aws-sdk-core (3.59.0)
      aws-eventstream (~> 1.0, >= 1.0.2)
      aws-partitions (~> 1.0)
      aws-sigv4 (~> 1.1)
      jmespath (~> 1.0)
    aws-sdk-kms (1.23.0)
      aws-sdk-core (~> 3, >= 3.58.0)
      aws-sigv4 (~> 1.1)
    aws-sdk-s3 (1.45.0)
      aws-sdk-core (~> 3, >= 3.58.0)
      aws-sdk-kms (~> 1)
      aws-sigv4 (~> 1.1)
    aws-sigv4 (1.1.0)
      aws-eventstream (~> 1.0, >= 1.0.2)
    aws-xray-sdk (0.10.2)
      oj (~> 3.0)
    bootsnap (1.4.4)
      msgpack (~> 1.0)
    brakeman (4.5.1)
    builder (3.2.3)
    byebug (11.0.1)
    capybara (3.24.0)
      addressable
      mini_mime (>= 0.1.3)
      nokogiri (~> 1.8)
      rack (>= 1.6.0)
      rack-test (>= 0.6.3)
      regexp_parser (~> 1.5)
      xpath (~> 3.2)
    childprocess (1.0.1)
      rake (< 13.0)
    climate_control (0.2.0)
    concurrent-ruby (1.1.5)
    connection_pool (2.2.2)
    crack (0.4.3)
      safe_yaml (~> 1.0.0)
    crass (1.0.4)
    diff-lcs (1.3)
    docile (1.3.2)
    domain_name (0.5.20190701)
      unf (>= 0.0.5, < 1.0.0)
    erubi (1.8.0)
    execjs (2.7.0)
    factory_bot (5.0.2)
      activesupport (>= 4.2.0)
    factory_bot_rails (5.0.2)
      factory_bot (~> 5.0.2)
      railties (>= 4.2.0)
    faraday (0.15.4)
      multipart-post (>= 1.2, < 3)
    ffi (1.11.1)
    gds-api-adapters (59.5.1)
      addressable
      link_header
      null_logger
      plek (>= 1.9.0)
      rack-cache
      rest-client (~> 2.0)
    gds-sso (14.1.1)
      multi_json (~> 1.0)
      oauth2 (~> 1.0)
      omniauth (~> 1.2)
      omniauth-gds (~> 3.2)
      rails (>= 4)
      warden (~> 1.2)
      warden-oauth2 (~> 0.0.1)
    globalid (0.4.2)
      activesupport (>= 4.2.0)
    govspeak (6.3.0)
      actionview (~> 5.0)
      addressable (>= 2.3.8, < 3)
      govuk_publishing_components (>= 16.16)
      htmlentities (~> 4)
      i18n (~> 0.7)
      kramdown (~> 1.15.0)
      nokogiri (~> 1.5)
      nokogumbo (~> 2)
      rinku (~> 2.0)
      sanitize (~> 5)
    govuk-lint (3.11.5)
      rubocop (~> 0.72)
      rubocop-rails (~> 2)
      rubocop-rspec (~> 1.28)
      scss_lint
    govuk_app_config (1.20.1)
      aws-xray-sdk (~> 0.10.0)
      logstasher (>= 1.2.2, < 1.4.0)
      sentry-raven (>= 2.7.1, < 2.10.0)
      statsd-ruby (~> 1.4.0)
      unicorn (>= 5.4, < 5.6)
    govuk_frontend_toolkit (8.2.0)
      railties (>= 3.1.0)
      sass (>= 3.2.0)
    govuk_publishing_components (17.17.0)
      gds-api-adapters
      govuk_app_config
      govuk_frontend_toolkit
      kramdown
      plek
      rails (>= 5.0.0.1)
      rake
      rouge
      sassc-rails (>= 2.0.1)
    govuk_schemas (3.3.0)
      json-schema (~> 2.8.0)
    govuk_sidekiq (3.0.3)
      gds-api-adapters (>= 19.1.0)
      govuk_app_config (>= 1.1)
      redis-namespace (~> 1.6)
      sidekiq (>= 5, < 6)
      sidekiq-logging-json (~> 0.0)
      sidekiq-statsd (~> 0.1)
    govuk_test (1.0.0)
      capybara
      puma
      selenium-webdriver (>= 3.142)
      webdrivers
    hashdiff (1.0.0)
    hashery (2.1.2)
    hashie (3.6.0)
    htmlentities (4.3.4)
    http-cookie (1.0.3)
      domain_name (~> 0.5)
    i18n (0.9.5)
      concurrent-ruby (~> 1.0)
    image_processing (1.9.0)
      mini_magick (>= 4.9.3, < 5)
      ruby-vips (>= 2.0.13, < 3)
    interactor (3.1.1)
    jaro_winkler (1.5.3)
    jasmine (3.4.0)
      jasmine-core (~> 3.4.0)
      phantomjs
      rack (>= 1.2.1)
      rake
    jasmine-core (3.4.0)
    jasmine_selenium_runner (3.0.0)
      jasmine (~> 3.0)
      selenium-webdriver (~> 3.8)
    jmespath (1.4.0)
    json (2.2.0)
    json-schema (2.8.1)
      addressable (>= 2.4)
    jwt (2.2.1)
    kaminari (1.1.1)
      activesupport (>= 4.1.0)
      kaminari-actionview (= 1.1.1)
      kaminari-activerecord (= 1.1.1)
      kaminari-core (= 1.1.1)
    kaminari-actionview (1.1.1)
      actionview
      kaminari-core (= 1.1.1)
    kaminari-activerecord (1.1.1)
      activerecord
      kaminari-core (= 1.1.1)
    kaminari-core (1.1.1)
    kgio (2.11.2)
    kramdown (1.15.0)
    link_header (0.0.8)
    listen (3.1.5)
      rb-fsevent (~> 0.9, >= 0.9.4)
      rb-inotify (~> 0.9, >= 0.9.7)
      ruby_dep (~> 1.2)
    logstash-event (1.2.02)
    logstasher (1.3.0)
      activesupport (>= 4.0)
      logstash-event (~> 1.2.0)
      request_store
    loofah (2.2.3)
      crass (~> 1.0.2)
      nokogiri (>= 1.5.9)
    mail (2.7.1)
      mini_mime (>= 0.1.1)
    marcel (0.3.3)
      mimemagic (~> 0.3.2)
    method_source (0.9.2)
    mime-types (3.2.2)
      mime-types-data (~> 3.2015)
    mime-types-data (3.2019.0331)
    mimemagic (0.3.3)
    mini_magick (4.9.4)
    mini_mime (1.0.2)
    mini_portile2 (2.4.0)
    minitest (5.11.3)
    msgpack (1.2.10)
    multi_json (1.13.1)
    multi_xml (0.6.0)
    multipart-post (2.1.1)
    netrc (0.11.0)
    nio4r (2.4.0)
    nokogiri (1.10.3)
      mini_portile2 (~> 2.4.0)
    nokogumbo (2.0.1)
      nokogiri (~> 1.8, >= 1.8.4)
    notifications-ruby-client (4.0.0)
      jwt (>= 1.5, < 3)
    null_logger (0.0.1)
    oauth2 (1.4.1)
      faraday (>= 0.8, < 0.16.0)
      jwt (>= 1.0, < 3.0)
      multi_json (~> 1.3)
      multi_xml (~> 0.5)
      rack (>= 1.2, < 3)
    oj (3.8.0)
    omniauth (1.9.0)
      hashie (>= 3.4.6, < 3.7.0)
      rack (>= 1.6.2, < 3)
    omniauth-gds (3.2.1)
      multi_json (~> 1.10)
      omniauth-oauth2 (= 1.3.1)
    omniauth-oauth2 (1.3.1)
      oauth2 (~> 1.0)
      omniauth (~> 1.2)
    parallel (1.17.0)
    parser (2.6.3.0)
      ast (~> 2.4.0)
    pdf-reader (2.2.0)
      Ascii85 (~> 1.0.0)
      afm (~> 0.2.1)
      hashery (~> 2.0)
      ruby-rc4
      ttfunk
    pg (1.1.4)
    phantomjs (2.1.1.0)
    plek (3.0.0)
    public_suffix (3.1.1)
    puma (3.12.1)
    rack (2.0.7)
    rack-cache (1.9.0)
      rack (>= 0.4)
    rack-protection (2.0.5)
      rack
    rack-test (1.1.0)
      rack (>= 1.0, < 3)
    rails (5.2.3)
      actioncable (= 5.2.3)
      actionmailer (= 5.2.3)
      actionpack (= 5.2.3)
      actionview (= 5.2.3)
      activejob (= 5.2.3)
      activemodel (= 5.2.3)
      activerecord (= 5.2.3)
      activestorage (= 5.2.3)
      activesupport (= 5.2.3)
      bundler (>= 1.3.0)
      railties (= 5.2.3)
      sprockets-rails (>= 2.0.0)
    rails-dom-testing (2.0.3)
      activesupport (>= 4.2.0)
      nokogiri (>= 1.6)
    rails-html-sanitizer (1.0.4)
      loofah (~> 2.2, >= 2.2.2)
    railties (5.2.3)
      actionpack (= 5.2.3)
      activesupport (= 5.2.3)
      method_source
      rake (>= 0.8.7)
      thor (>= 0.19.0, < 2.0)
    rainbow (3.0.0)
    raindrops (0.19.0)
    rake (12.3.2)
    rb-fsevent (0.10.3)
    rb-inotify (0.10.0)
      ffi (~> 1.0)
    redis (4.1.0)
    redis-namespace (1.6.0)
      redis (>= 3.0.4)
    regexp_parser (1.5.1)
    request_store (1.4.1)
      rack (>= 1.4)
    rest-client (2.0.2)
      http-cookie (>= 1.0.2, < 2.0)
      mime-types (>= 1.16, < 4.0)
      netrc (~> 0.8)
    rinku (2.0.6)
    rouge (3.6.0)
    rspec-core (3.8.0)
      rspec-support (~> 3.8.0)
    rspec-expectations (3.8.2)
      diff-lcs (>= 1.2.0, < 2.0)
      rspec-support (~> 3.8.0)
    rspec-mocks (3.8.0)
      diff-lcs (>= 1.2.0, < 2.0)
      rspec-support (~> 3.8.0)
    rspec-rails (3.8.2)
      actionpack (>= 3.0)
      activesupport (>= 3.0)
      railties (>= 3.0)
      rspec-core (~> 3.8.0)
      rspec-expectations (~> 3.8.0)
      rspec-mocks (~> 3.8.0)
      rspec-support (~> 3.8.0)
    rspec-support (3.8.0)
    rubocop (0.72.0)
      jaro_winkler (~> 1.5.1)
      parallel (~> 1.10)
      parser (>= 2.6)
      rainbow (>= 2.2.2, < 4.0)
      ruby-progressbar (~> 1.7)
      unicode-display_width (>= 1.4.0, < 1.7)
    rubocop-rails (2.2.0)
      rack (>= 1.1)
      rubocop (>= 0.72.0)
    rubocop-rspec (1.33.0)
      rubocop (>= 0.60.0)
    ruby-progressbar (1.10.1)
    ruby-rc4 (0.1.5)
    ruby-vips (2.0.13)
      ffi (~> 1.9)
    ruby_dep (1.5.0)
    rubyzip (1.2.3)
    safe_yaml (1.0.5)
    sanitize (5.0.0)
      crass (~> 1.0.2)
      nokogiri (>= 1.8.0)
      nokogumbo (~> 2.0)
    sass (3.7.4)
      sass-listen (~> 4.0.0)
    sass-listen (4.0.0)
      rb-fsevent (~> 0.9, >= 0.9.4)
      rb-inotify (~> 0.9, >= 0.9.7)
    sassc (2.0.1)
      ffi (~> 1.9)
      rake
    sassc-rails (2.1.2)
      railties (>= 4.0.0)
      sassc (>= 2.0)
      sprockets (> 3.0)
      sprockets-rails
      tilt
    scss_lint (0.58.0)
      rake (>= 0.9, < 13)
      sass (~> 3.5, >= 3.5.5)
    selenium-webdriver (3.142.3)
      childprocess (>= 0.5, < 2.0)
      rubyzip (~> 1.2, >= 1.2.2)
    sentry-raven (2.9.0)
      faraday (>= 0.7.6, < 1.0)
    sidekiq (5.2.5)
      connection_pool (~> 2.2, >= 2.2.2)
      rack (>= 1.5.0)
      rack-protection (>= 1.5.0)
      redis (>= 3.3.5, < 5)
    sidekiq-logging-json (0.0.18)
      sidekiq (>= 3)
    sidekiq-statsd (0.1.5)
      activesupport
      sidekiq (>= 2.6)
      statsd-ruby (>= 1.1.0)
    simplecov (0.17.0)
      docile (~> 1.1)
      json (>= 1.8, < 3)
      simplecov-html (~> 0.10.0)
    simplecov-html (0.10.2)
    sprockets (3.7.2)
      concurrent-ruby (~> 1.0)
      rack (> 1, < 3)
    sprockets-rails (3.2.1)
      actionpack (>= 4.0)
      activesupport (>= 4.0)
      sprockets (>= 3.0.0)
    statsd-ruby (1.4.0)
    thor (0.20.3)
    thread_safe (0.3.6)
    tilt (2.0.9)
    ttfunk (1.5.1)
    tzinfo (1.2.5)
      thread_safe (~> 0.1)
    uglifier (4.1.20)
      execjs (>= 0.3.0, < 3)
    unf (0.1.4)
      unf_ext
    unf_ext (0.0.7.6)
    unicode-display_width (1.6.0)
    unicorn (5.5.1)
      kgio (~> 2.6)
      raindrops (~> 0.7)
    warden (1.2.8)
      rack (>= 2.0.6)
    warden-oauth2 (0.0.1)
      warden
    webdrivers (4.0.1)
      nokogiri (~> 1.6)
      rubyzip (~> 1.0)
      selenium-webdriver (>= 3.0, < 4.0)
    webmock (3.6.0)
      addressable (>= 2.3.6)
      crack (>= 0.3.2)
      hashdiff (>= 0.4.0, < 2.0.0)
    websocket-driver (0.7.1)
      websocket-extensions (>= 0.1.0)
    websocket-extensions (0.1.4)
    xpath (3.2.0)
      nokogiri (~> 1.8)

PLATFORMS
  ruby

DEPENDENCIES
  aws-sdk-s3 (~> 1)
  bootsnap (~> 1)
  brakeman (~> 4)
  byebug (~> 11)
  climate_control
  factory_bot_rails (~> 5)
  gds-api-adapters (~> 59)
  gds-sso (~> 14)
  govspeak (~> 6.3)
  govuk-lint (~> 3)
  govuk_app_config (~> 1)
  govuk_publishing_components (~> 17.17)
  govuk_schemas (~> 3.3)
  govuk_sidekiq (~> 3)
  govuk_test (~> 1.0)
  hashdiff (~> 1.0)
  image_processing (~> 1)
  interactor (~> 3)
  jasmine (~> 3.4)
  jasmine_selenium_runner (~> 3)
  kaminari (~> 1)
  listen (~> 3)
  notifications-ruby-client (~> 4.0)
  pdf-reader (~> 2)
  pg (~> 1)
  plek (~> 3)
  rails (~> 5.2)
  rinku (~> 2)
  rspec-rails (~> 3)
  rubyzip (~> 1)
  simplecov (~> 0.17)
  uglifier (~> 4)
  webmock (~> 3)

RUBY VERSION
   ruby 2.6.3p62

BUNDLED WITH
   1.17.2
